GEM
  remote: https://rubygems.org/
  specs:
    io-console (0.5.9)
    irb (1.3.7)
      reline (>= 0.2.7)
    reline (0.2.7)
      io-console (~> 0.5)

PLATFORMS
  x86_64-linux

DEPENDENCIES
  irb

BUNDLED WITH
   2.2.24
