GEM
  remote: https://rubygems.org/
  specs:
    domain_name (0.5.20190701)
      unf (>= 0.0.5, < 1.0.0)
    http-accept (1.7.0)
    http-cookie (1.0.4)
      domain_name (~> 0.5)
    io-console (0.5.9)
    irb (1.3.7)
      reline (>= 0.2.7)
    mime-types (3.4.1)
      mime-types-data (~> 3.2015)
    mime-types-data (3.2021.1115)
    netrc (0.11.0)
    reline (0.2.7)
      io-console (~> 0.5)
    rest-client (2.1.0)
      http-accept (>= 1.7.0, < 2.0)
      http-cookie (>= 1.0.2, < 2.0)
      mime-types (>= 1.16, < 4.0)
      netrc (~> 0.8)
    thor (1.1.0)
    unf (0.1.4)
      unf_ext
    unf_ext (0.0.8)

PLATFORMS
  x86_64-linux

DEPENDENCIES
  irb
  rest-client
  thor

BUNDLED WITH
   2.2.24
